GEM
  remote: https://rubygems.org/
  specs:
    agoo (2.15.11)
    pg (1.5.6)

PLATFORMS
  ruby
  x86_64-linux

DEPENDENCIES
  agoo (~> 2.15)
  pg (~> 1.5.6)

BUNDLED WITH
   2.5.11
